GEM
  remote: http://rubygems.org/
  specs:
    bluecloth (2.2.0)
    builder (3.2.2)
    colorize (0.5.8)
    coveralls (0.6.7)
      colorize
      multi_json (~> 1.3)
      rest-client
      simplecov (>= 0.7)
      thor
    cucumber (1.3.2)
      builder (>= 2.1.2)
      diff-lcs (>= 1.1.3)
      gherkin (~> 2.12.0)
      multi_json (~> 1.3)
    diff-lcs (1.2.4)
    fakeweb (1.3.0)
    gherkin (2.12.0)
      multi_json (~> 1.3)
    git (1.2.5)
    httparty (0.13.5)
      json (~> 1.8)
      multi_xml (>= 0.5.2)
    jeweler (1.8.4)
      bundler (~> 1.0)
      git (>= 1.2.5)
      rake
      rdoc
    json (1.8.2)
    mime-types (1.23)
    multi_json (1.7.7)
    multi_xml (0.5.5)
    rake (10.0.4)
    rdoc (4.0.1)
      json (~> 1.4)
    rest-client (1.6.7)
      mime-types (>= 1.16)
    rspec (2.13.0)
      rspec-core (~> 2.13.0)
      rspec-expectations (~> 2.13.0)
      rspec-mocks (~> 2.13.0)
    rspec-core (2.13.1)
    rspec-expectations (2.13.0)
      diff-lcs (>= 1.1.3, < 2.0)
    rspec-mocks (2.13.1)
    simplecov (0.7.1)
      multi_json (~> 1.0)
      simplecov-html (~> 0.7.1)
    simplecov-html (0.7.1)
    thor (0.18.1)
    yard (0.8.6.1)

PLATFORMS
  ruby

DEPENDENCIES
  bluecloth
  bundler
  coveralls
  cucumber
  fakeweb
  httparty (~> 0.13.5)
  jeweler
  mime-types
  rspec
  yard
